GEM
  remote: https://rubygems.org/
  specs:
    ffi (1.17.2)
    listen (3.9.0)
      rb-fsevent (~> 0.10, >= 0.10.3)
      rb-inotify (~> 0.9, >= 0.9.10)
    mustermann (2.0.2)
      ruby2_keywords (~> 0.0.1)
    rack (2.2.17)
    rack-protection (2.2.4)
      rack
    rb-fsevent (0.11.2)
    rb-inotify (0.11.1)
      ffi (~> 1.0)
    rerun (0.14.0)
      listen (~> 3.0)
    ruby2_keywords (0.0.5)
    sinatra (2.2.4)
      mustermann (~> 2.0)
      rack (~> 2.2)
      rack-protection (= 2.2.4)
      tilt (~> 2.0)
    tilt (2.6.1)
    webrick (1.9.1)

PLATFORMS
  ruby

DEPENDENCIES
  rack (~> 2.0)
  rerun
  sinatra (~> 2.0)
  webrick (~> 1.7)

RUBY VERSION
   ruby 2.6.10p210

BUNDLED WITH
   1.17.2
